GEM
  remote: https://rubygems.org/
  specs:
    bubble-wrap (1.1.4)
    coderay (1.0.7)
    columnize (0.3.6)
    debugger (1.1.4)
      columnize (>= 0.3.1)
      debugger-linecache (~> 1.1.1)
      debugger-ruby_core_source (~> 1.1.3)
    debugger-linecache (1.1.2)
      debugger-ruby_core_source (>= 1.1.1)
    debugger-ruby_core_source (1.1.3)
    method_source (0.8)
    motion-testflight (1.4)
    pry (0.9.10)
      coderay (~> 1.0.5)
      method_source (~> 0.8)
      slop (~> 3.3.1)
    pry-debugger (0.2.0)
      debugger (~> 1.1.3)
      pry (~> 0.9.9)
    slop (3.3.3)
    version (1.0.0)

PLATFORMS
  ruby

DEPENDENCIES
  bubble-wrap
  motion-testflight
  pry
  pry-debugger
  version
