GEM
  remote: https://rubygems.org/
  specs:
    bubble-wrap (1.1.4)
    motion-testflight (1.4)
    version (1.0.0)

PLATFORMS
  ruby

DEPENDENCIES
  bubble-wrap
  motion-testflight
  version
